GEM
  remote: https://rubygems.org/
  specs:
    byebug (10.0.2)
    minitest (5.11.3)
    rake (12.3.1)

PLATFORMS
  ruby

DEPENDENCIES
  byebug
  minitest
  rake

BUNDLED WITH
   1.16.4
